PATH
  remote: .
  specs:
    utter (1.0.0.alpha)

GEM
  remote: https://rubygems.org/
  specs:
    minitest (5.5.1)
    rack (1.6.0)
    rack-test (0.6.3)
      rack (>= 1.0)
    rake (10.4.2)

PLATFORMS
  ruby

DEPENDENCIES
  minitest (~> 5.0)
  rack-test (>= 0.6.2)
  rake
  utter!
